PATH
  remote: .
  specs:
    disko (0.1.0)
      listen (~> 3.0)
      sinatra (~> 1.4)

GEM
  remote: https://rubygems.org/
  specs:
    ffi (1.9.10)
    listen (3.0.5)
      rb-fsevent (>= 0.9.3)
      rb-inotify (>= 0.9)
    rack (1.6.4)
    rack-protection (1.5.3)
      rack
    rake (10.4.2)
    rb-fsevent (0.9.6)
    rb-inotify (0.9.5)
      ffi (>= 0.5.0)
    sinatra (1.4.6)
      rack (~> 1.4)
      rack-protection (~> 1.4)
      tilt (>= 1.3, < 3)
    tilt (2.0.1)

PLATFORMS
  ruby

DEPENDENCIES
  bundler (~> 1.10)
  disko!
  rake (~> 10.0)

BUNDLED WITH
   1.10.6
